GEM
  remote: https://rubygems.org/
  specs:
    activemodel (3.2.17)
      activesupport (= 3.2.17)
      builder (~> 3.0.0)
    activerecord (3.2.17)
      activemodel (= 3.2.17)
      activesupport (= 3.2.17)
      arel (~> 3.0.2)
      tzinfo (~> 0.3.29)
    activesupport (3.2.17)
      i18n (~> 0.6, >= 0.6.4)
      multi_json (~> 1.0)
    arel (3.0.3)
    builder (3.0.4)
    coderay (1.1.0)
    coffee-script (2.2.0)
      coffee-script-source
      execjs
    coffee-script-source (1.7.0)
    daemons (1.1.9)
    diff-lcs (1.2.5)
    dotenv (0.7.0)
    eventmachine (1.0.3)
    execjs (2.1.0)
    foreman (0.67.0)
      dotenv (~> 0.7.0)
      thor (~> 0.17.0)
    haml (4.0.5)
      tilt
    i18n (0.6.9)
    method_source (0.8.2)
    multi_json (1.10.1)
    pry (0.9.12.6)
      coderay (~> 1.0)
      method_source (~> 0.8)
      slop (~> 3.4)
    rack (1.5.2)
    rack-protection (1.5.3)
      rack
    rake (10.3.2)
    rspec (2.14.1)
      rspec-core (~> 2.14.0)
      rspec-expectations (~> 2.14.0)
      rspec-mocks (~> 2.14.0)
    rspec-core (2.14.8)
    rspec-expectations (2.14.5)
      diff-lcs (>= 1.1.3, < 2.0)
    rspec-mocks (2.14.6)
    sass (3.3.7)
    sinatra (1.4.5)
      rack (~> 1.4)
      rack-protection (~> 1.4)
      tilt (~> 1.3, >= 1.3.4)
    sinatra-activerecord (2.0.2)
      activerecord (>= 3.2)
      sinatra (~> 1.0)
    slop (3.5.0)
    sqlite3 (1.3.9)
    thin (1.6.2)
      daemons (>= 1.0.9)
      eventmachine (>= 1.0.0)
      rack (>= 1.0.0)
    thor (0.17.0)
    tilt (1.4.1)
    tzinfo (0.3.39)

PLATFORMS
  ruby

DEPENDENCIES
  activerecord (= 3.2.17)
  coffee-script
  foreman
  haml
  pry
  rake
  rspec
  sass
  sinatra
  sinatra-activerecord
  sqlite3
  thin
